GEM
  remote: https://rubygems.org/
  specs:
    swapi (0.0.2)

PLATFORMS
  ruby

DEPENDENCIES
  swapi
